PATH
  remote: .
  specs:
    tik2tok (0.1.0)
      dotenv

GEM
  remote: https://rubygems.org/
  specs:
    dotenv (3.1.7)
    rake (13.2.1)

PLATFORMS
  arm64-darwin-24
  ruby

DEPENDENCIES
  rake (~> 13.0)
  tik2tok!

BUNDLED WITH
   2.6.3
